GEM
  remote: https://rubygems.org/
  specs:
    actionmailer (4.2.10)
      actionpack (= 4.2.10)
      actionview (= 4.2.10)
      activejob (= 4.2.10)
      mail (~> 2.5, >= 2.5.4)
      rails-dom-testing (~> 1.0, >= 1.0.5)
    actionpack (4.2.10)
      actionview (= 4.2.10)
      activesupport (= 4.2.10)
      rack (~> 1.6)
      rack-test (~> 0.6.2)
      rails-dom-testing (~> 1.0, >= 1.0.5)
      rails-html-sanitizer (~> 1.0, >= 1.0.2)
    actionview (4.2.10)
      activesupport (= 4.2.10)
      builder (~> 3.1)
      erubis (~> 2.7.0)
      rails-dom-testing (~> 1.0, >= 1.0.5)
      rails-html-sanitizer (~> 1.0, >= 1.0.3)
    activejob (4.2.10)
      activesupport (= 4.2.10)
      globalid (>= 0.3.0)
    activemodel (4.2.10)
      activesupport (= 4.2.10)
      builder (~> 3.1)
    activerecord (4.2.10)
      activemodel (= 4.2.10)
      activesupport (= 4.2.10)
      arel (~> 6.0)
    activesupport (4.2.10)
      i18n (~> 0.7)
      minitest (~> 5.1)
      thread_safe (~> 0.3, >= 0.3.4)
      tzinfo (~> 1.1)
    arel (6.0.4)
    binding.repl (3.0.0)
    builder (3.2.3)
    cd (1.0.1)
    clipboard (1.1.1)
    code (0.9.2)
      coderay (~> 1.1)
      method_source (~> 0.9)
    coderay (1.1.2)
    coffee-rails (4.2.2)
      coffee-script (>= 2.2.0)
      railties (>= 4.0.0)
    coffee-script (2.4.1)
      coffee-script-source
      execjs
    coffee-script-source (1.12.2)
    concurrent-ruby (1.0.5)
    crass (1.0.3)
    debugging (1.1.1)
      binding.repl (~> 3.0)
      paint (>= 0.9, < 3.0)
    erubis (2.7.0)
    ethon (0.11.0)
      ffi (>= 1.3.0)
    every_day_irb (2.0.0)
      cd (~> 1.0)
    execjs (2.7.0)
    fancy_irb (1.1.0)
      paint (>= 0.9, < 3.0)
      unicode-display_width (~> 1.1)
    faraday (0.14.0)
      multipart-post (>= 1.2, < 3)
    faraday_middleware (0.12.2)
      faraday (>= 0.7.4, < 1.0)
    feedjira (2.1.4)
      faraday (>= 0.9)
      faraday_middleware (>= 0.9)
      loofah (>= 2.0)
      sax-machine (>= 1.0)
    ffi (1.9.23)
    formtastic (3.1.5)
      actionpack (>= 3.2.13)
    globalid (0.4.1)
      activesupport (>= 4.2.0)
    haml (5.0.4)
      temple (>= 0.8.0)
      tilt
    haml-rails (1.0.0)
      actionpack (>= 4.0.1)
      activesupport (>= 4.0.1)
      haml (>= 4.0.6, < 6.0)
      html2haml (>= 1.0.1)
      railties (>= 4.0.1)
    hirb (0.7.3)
    html2haml (2.2.0)
      erubis (~> 2.7.0)
      haml (>= 4.0, < 6)
      nokogiri (>= 1.6.0)
      ruby_parser (~> 3.5)
    i18n (0.9.5)
      concurrent-ruby (~> 1.0)
    instance (0.2.0)
    interactive_editor (0.0.11)
      spoon (>= 0.0.1)
    irbtools (2.2.0)
      binding.repl (~> 3.0)
      clipboard (~> 1.1)
      code (~> 0.9)
      coderay (~> 1.1)
      debugging (~> 1.1)
      every_day_irb (~> 2.0)
      fancy_irb (~> 1.1)
      hirb (~> 0.7, >= 0.7.3)
      instance (~> 0.2)
      interactive_editor (~> 0.0, >= 0.0.10)
      method_locator (~> 0.0, >= 0.0.4)
      methodfinder (~> 2.0)
      ori (~> 0.1.0)
      os (~> 1.0)
      paint (>= 0.9, < 3.0)
      ruby_engine (~> 1.0)
      ruby_info (~> 1.0)
      ruby_version (~> 1.0)
      wirb (~> 2.0)
    jquery-rails (4.3.1)
      rails-dom-testing (>= 1, < 3)
      railties (>= 4.2.0)
      thor (>= 0.14, < 2.0)
    loofah (2.2.0)
      crass (~> 1.0.2)
      nokogiri (>= 1.5.9)
    mail (2.7.0)
      mini_mime (>= 0.1.1)
    method_locator (0.0.4)
    method_source (0.9.0)
    methodfinder (2.1.1)
    mini_mime (1.0.0)
    mini_portile2 (2.3.0)
    minitest (5.11.3)
    multipart-post (2.0.0)
    nokogiri (1.8.2)
      mini_portile2 (~> 2.3.0)
    ori (0.1.0)
    os (1.0.0)
    paint (2.0.1)
    pg (1.0.0)
    rack (1.6.9)
    rack-test (0.6.3)
      rack (>= 1.0)
    rails (4.2.10)
      actionmailer (= 4.2.10)
      actionpack (= 4.2.10)
      actionview (= 4.2.10)
      activejob (= 4.2.10)
      activemodel (= 4.2.10)
      activerecord (= 4.2.10)
      activesupport (= 4.2.10)
      bundler (>= 1.3.0, < 2.0)
      railties (= 4.2.10)
      sprockets-rails
    rails-deprecated_sanitizer (1.0.3)
      activesupport (>= 4.2.0.alpha)
    rails-dom-testing (1.0.9)
      activesupport (>= 4.2.0, < 5.0)
      nokogiri (~> 1.6)
      rails-deprecated_sanitizer (>= 1.0.1)
    rails-html-sanitizer (1.0.3)
      loofah (~> 2.0)
    railties (4.2.10)
      actionpack (= 4.2.10)
      activesupport (= 4.2.10)
      rake (>= 0.8.7)
      thor (>= 0.18.1, < 2.0)
    rake (12.3.0)
    rb-fsevent (0.10.2)
    rb-inotify (0.9.10)
      ffi (>= 0.5.0, < 2)
    ruby_engine (1.0.1)
    ruby_info (1.0.1)
    ruby_parser (3.11.0)
      sexp_processor (~> 4.9)
    ruby_version (1.0.1)
    sass (3.5.5)
      sass-listen (~> 4.0.0)
    sass-listen (4.0.0)
      rb-fsevent (~> 0.9, >= 0.9.4)
      rb-inotify (~> 0.9, >= 0.9.7)
    sass-rails (5.0.7)
      railties (>= 4.0.0, < 6)
      sass (~> 3.1)
      sprockets (>= 2.8, < 4.0)
      sprockets-rails (>= 2.0, < 4.0)
      tilt (>= 1.1, < 3)
    sax-machine (1.3.2)
    sexp_processor (4.10.1)
    simple_form (3.5.1)
      actionpack (> 4, < 5.2)
      activemodel (> 4, < 5.2)
    spoon (0.0.6)
      ffi
    sprockets (3.7.1)
      concurrent-ruby (~> 1.0)
      rack (> 1, < 3)
    sprockets-rails (3.2.1)
      actionpack (>= 4.0)
      activesupport (>= 4.0)
      sprockets (>= 3.0.0)
    temple (0.8.0)
    thor (0.20.0)
    thread_safe (0.3.6)
    tilt (2.0.8)
    typhoeus (1.3.0)
      ethon (>= 0.9.0)
    tzinfo (1.2.5)
      thread_safe (~> 0.1)
    uglifier (4.1.6)
      execjs (>= 0.3.0, < 3)
    unicode-display_width (1.3.0)
    wirb (2.1.2)
      paint (>= 0.9, < 3.0)

PLATFORMS
  ruby

DEPENDENCIES
  coffee-rails
  feedjira
  formtastic
  haml-rails
  irbtools
  jquery-rails
  nokogiri
  pg
  rails (~> 4.2.4)
  sass-rails
  simple_form
  typhoeus
  uglifier (>= 1.0.3)

RUBY VERSION
   ruby 2.4.2p198

BUNDLED WITH
   1.16.1
